GEM
  remote: https://rubygems.org/
  specs:
    rake (13.2.1)

PLATFORMS
  x86_64-linux

DEPENDENCIES
  rake

BUNDLED WITH
   2.5.16
