GEM
  remote: https://rubygems.org/
  specs:
    textlint-ruby (2.0.2)

PLATFORMS
  x86_64-linux

DEPENDENCIES
  textlint-ruby

BUNDLED WITH
   2.5.16
